GEM
  remote: https://rubygems.org/
  specs:
    addressable (2.5.2)
      public_suffix (>= 2.0.2, < 4.0)
    adsf (1.4.0)
      rack (>= 1.0.0, < 3.0.0)
    colored (1.2)
    concurrent-ruby (1.0.5)
    cri (2.10.1)
      colored (~> 1.2)
    ddmemoize (1.0.0)
      ddmetrics (~> 1.0)
      ref (~> 2.0)
    ddmetrics (1.0.0)
    ddplugin (1.0.1)
    hamster (3.0.0)
      concurrent-ruby (~> 1.0)
    kramdown (1.16.2)
    mini_portile2 (2.3.0)
    nanoc (4.9.0)
      addressable (~> 2.5)
      cri (~> 2.8)
      ddmemoize (~> 1.0)
      ddmetrics (~> 1.0)
      ddplugin (~> 1.0)
      hamster (~> 3.0)
      parallel (~> 1.12)
      ref (~> 2.0)
      slow_enumerator_tools (~> 1.0)
    nokogiri (1.8.2)
      mini_portile2 (~> 2.3.0)
    parallel (1.12.1)
    public_suffix (3.0.1)
    rack (2.0.4)
    rake (12.3.0)
    ref (2.0.0)
    slow_enumerator_tools (1.1.0)
    yajl-ruby (1.3.1)

PLATFORMS
  ruby

DEPENDENCIES
  adsf
  kramdown
  nanoc
  nokogiri
  rake
  yajl-ruby

BUNDLED WITH
   1.16.0
