GEM
  remote: https://rubygems.org/
  specs:
    adsf (1.4.1)
      rack (>= 1.0.0, < 3.0.0)
    colored (1.2)
    cri (2.10.1)
      colored (~> 1.2)
    kramdown (1.16.2)
    mini_portile2 (2.3.0)
    nanoc (3.7.5)
      cri (~> 2.3)
    nokogiri (1.8.2)
      mini_portile2 (~> 2.3.0)
    rack (2.0.4)
    rake (12.3.0)
    yajl-ruby (1.3.1)

PLATFORMS
  ruby

DEPENDENCIES
  adsf
  kramdown
  nanoc (~> 3.7.3)
  nokogiri
  rake
  yajl-ruby

BUNDLED WITH
   1.16.1
