GEM
  remote: https://rubygems.org/
  specs:
    adsf (1.4.2)
      rack (>= 1.0.0, < 3.0.0)
    cri (2.15.9)
    kramdown (2.1.0)
    mini_portile2 (2.4.0)
    nanoc (3.7.5)
      cri (~> 2.3)
    nokogiri (1.10.4)
      mini_portile2 (~> 2.4.0)
    rack (2.0.7)
    rake (13.0.0)
    yajl-ruby (1.4.1)

PLATFORMS
  ruby

DEPENDENCIES
  adsf
  kramdown
  nanoc (~> 3.7.3)
  nokogiri
  rake
  yajl-ruby

BUNDLED WITH
   1.16.2
