GEM
  remote: https://rubygems.org/
  specs:
    adsf (1.4.6)
      rack (>= 1.0.0, < 3.0.0)
    cri (2.15.11)
    kramdown (2.3.1)
      rexml
    mini_portile2 (2.8.0)
    nanoc (3.7.5)
      cri (~> 2.3)
    nokogiri (1.13.5)
      mini_portile2 (~> 2.8.0)
      racc (~> 1.4)
    racc (1.6.0)
    rack (2.2.3)
    rake (13.0.6)
    rexml (3.2.5)
    yajl-ruby (1.4.1)

PLATFORMS
  ruby

DEPENDENCIES
  adsf
  kramdown
  nanoc (~> 3.7.3)
  nokogiri
  rake
  yajl-ruby

BUNDLED WITH
   1.17.3
